GEM
  remote: https://rubygems.org/
  specs:
    concurrent-ruby (1.0.1)
    hike (1.2.3)
    opal (0.9.2)
      hike (~> 1.2)
      sourcemap (~> 0.1.0)
      sprockets (~> 3.1)
      tilt (>= 1.4)
    rack (1.6.4)
    rack-protection (1.5.3)
      rack
    sandoz (0.1.52)
      opal (~> 0.9)
      thor (~> 0.19.1)
    sinatra (1.4.7)
      rack (~> 1.5)
      rack-protection (~> 1.4)
      tilt (>= 1.3, < 3)
    sourcemap (0.1.1)
    sprockets (3.5.2)
      concurrent-ruby (~> 1.0)
      rack (> 1, < 3)
    thor (0.19.1)
    tilt (2.0.2)

PLATFORMS
  ruby

DEPENDENCIES
  opal
  sandoz (~> 0.1.52)
  sinatra
  thor

BUNDLED WITH
   1.11.2
